GEM
  remote: http://rubygems.org/
  specs:
    archive-tar-minitar (0.5.2)
    highline (1.6.21)
    json (1.8.1)
    rack (1.5.2)
    rack-protection (1.5.0)
      rack
    sinatra (1.4.3)
      rack (~> 1.4)
      rack-protection (~> 1.4)
      tilt (~> 1.3, >= 1.3.4)
    tilt (1.4.1)

PLATFORMS
  ruby

DEPENDENCIES
  archive-tar-minitar
  highline
  json
  sinatra
